GEM
  remote: https://rubygems.org/
  specs:
    coderay (1.1.3)
    method_source (1.0.0)
    minitest (5.14.3)
    pry (0.13.1)
      coderay (~> 1.1)
      method_source (~> 1.0)
    rake (13.0.3)

PLATFORMS
  ruby
  x86_64-linux

DEPENDENCIES
  minitest (~> 5.10)
  pry
  rake (~> 13.0)

BUNDLED WITH
   2.2.5
