GEM
  remote: https://rubygems.org/
  specs:
    minitest (5.14.3)
    rake (13.0.3)

PLATFORMS
  ruby
  x86_64-linux

DEPENDENCIES
  minitest (~> 5.10)
  rake (~> 13.0)

BUNDLED WITH
   2.2.5
